GEM
  remote: https://rubygems.org/
  specs:
    CFPropertyList (2.2.8)
    addressable (2.3.6)
    archive-tar-minitar (0.5.2)
    autoparse (0.3.3)
      addressable (>= 2.3.1)
      extlib (>= 0.9.15)
      multi_json (>= 1.0.0)
    aws-sdk (1.42.0)
      json (~> 1.4)
      nokogiri (>= 1.4.4)
    beaker (1.16.0)
      aws-sdk (= 1.42.0)
      blimpy (~> 0.6)
      docker-api
      fission (~> 0.4)
      google-api-client (~> 0.7.1)
      inifile (~> 2.0)
      json (~> 1.8)
      mime-types (~> 1.25)
      net-scp (~> 1.1)
      net-ssh (~> 2.6)
      nokogiri (~> 1.5.10)
      rbvmomi (= 1.8.1)
      unf (~> 0.1)
    beaker-rspec (2.2.6)
      beaker (~> 1.10)
      rspec
      serverspec (~> 1.0)
      specinfra (~> 1.0)
    blimpy (0.6.7)
      fog
      minitar
      thor
    builder (3.2.2)
    coderay (1.1.0)
    diff-lcs (1.2.5)
    docile (1.1.5)
    docker-api (1.13.1)
      archive-tar-minitar
      excon (>= 0.38.0)
      json
    excon (0.38.0)
    extlib (0.9.16)
    facter (2.1.0)
    faraday (0.9.0)
      multipart-post (>= 1.2, < 3)
    fission (0.5.0)
      CFPropertyList (~> 2.2)
    fog (1.23.0)
      fog-brightbox
      fog-core (~> 1.23)
      fog-json
      fog-softlayer
      ipaddress (~> 0.5)
      nokogiri (~> 1.5, >= 1.5.11)
    fog-brightbox (0.1.1)
      fog-core (~> 1.22)
      fog-json
      inflecto
    fog-core (1.23.0)
      builder
      excon (~> 0.38)
      formatador (~> 0.2)
      mime-types
      net-scp (~> 1.1)
      net-ssh (>= 2.1.3)
    fog-json (1.0.0)
      multi_json (~> 1.0)
    fog-softlayer (0.3.9)
      fog-core
      fog-json
    formatador (0.2.5)
    google-api-client (0.7.1)
      addressable (>= 2.3.2)
      autoparse (>= 0.3.3)
      extlib (>= 0.9.15)
      faraday (>= 0.9.0)
      jwt (>= 0.1.5)
      launchy (>= 2.1.1)
      multi_json (>= 1.0.0)
      retriable (>= 1.4)
      signet (>= 0.5.0)
      uuidtools (>= 2.1.0)
    hiera (1.3.4)
      json_pure
    highline (1.6.21)
    inflecto (0.0.2)
    inifile (2.0.2)
    ipaddress (0.8.0)
    json (1.8.1)
    json_pure (1.8.1)
    jwt (1.0.0)
    launchy (2.4.2)
      addressable (~> 2.3)
    metaclass (0.0.4)
    method_source (0.8.2)
    mime-types (1.25.1)
    minitar (0.5.4)
    mocha (1.1.0)
      metaclass (~> 0.0.1)
    multi_json (1.10.1)
    multipart-post (2.0.0)
    net-scp (1.2.1)
      net-ssh (>= 2.6.5)
    net-ssh (2.9.1)
    nokogiri (1.5.11)
    pry (0.10.0)
      coderay (~> 1.1.0)
      method_source (~> 0.8.1)
      slop (~> 3.4)
    puppet (3.6.2)
      facter (> 1.6, < 3)
      hiera (~> 1.0)
      json_pure
      rgen (~> 0.6.5)
    puppet-lint (0.3.2)
    puppetlabs_spec_helper (0.7.0)
      mocha
      puppet-lint
      rake
      rspec
      rspec-puppet
    rake (10.1.1)
    rbvmomi (1.8.1)
      builder
      nokogiri (>= 1.4.1)
      trollop
    retriable (1.4.1)
    rgen (0.6.6)
    rspec (2.99.0)
      rspec-core (~> 2.99.0)
      rspec-expectations (~> 2.99.0)
      rspec-mocks (~> 2.99.0)
    rspec-core (2.99.1)
    rspec-expectations (2.99.1)
      diff-lcs (>= 1.1.3, < 2.0)
    rspec-its (1.0.1)
      rspec-core (>= 2.99.0.beta1)
      rspec-expectations (>= 2.99.0.beta1)
    rspec-mocks (2.99.1)
    rspec-puppet (1.0.1)
      rspec
    serverspec (1.10.0)
      highline
      net-ssh
      rspec (~> 2.99)
      rspec-its
      specinfra (~> 1.20)
    signet (0.5.1)
      addressable (>= 2.2.3)
      faraday (>= 0.9.0.rc5)
      jwt (>= 0.1.5)
      multi_json (>= 1.0.0)
    simplecov (0.8.2)
      docile (~> 1.1.0)
      multi_json
      simplecov-html (~> 0.8.0)
    simplecov-html (0.8.0)
    slop (3.6.0)
    specinfra (1.21.0)
    thor (0.19.1)
    trollop (2.0)
    unf (0.1.4)
      unf_ext
    unf_ext (0.0.6)
    uuidtools (2.1.4)

PLATFORMS
  ruby

DEPENDENCIES
  beaker
  beaker-rspec (>= 2.2)
  mime-types (< 2.0)
  pry
  puppet
  puppet-lint
  puppetlabs_spec_helper
  rake (= 10.1.1)
  rspec (~> 2.11)
  rspec-puppet
  serverspec
  simplecov
